GEM
  remote: https://rubygems.org/
  specs:
    concurrent-ruby (1.1.7)
    connection_pool (2.2.3)
    dotenv (2.7.6)
    e2mmap (0.1.0)
    et-orbi (1.2.4)
      tzinfo
    faraday (1.0.1)
      multipart-post (>= 1.2, < 3)
    fugit (1.3.8)
      et-orbi (~> 1.1, >= 1.1.8)
      raabro (~> 1.3)
    multipart-post (2.1.1)
    raabro (1.3.1)
    rack (2.2.3)
    redis (4.2.1)
    rufus-scheduler (3.6.0)
      fugit (~> 1.1, >= 1.1.6)
    sidekiq (6.1.1)
      connection_pool (>= 2.2.2)
      rack (~> 2.0)
      redis (>= 4.2.0)
    sidekiq-scheduler (3.0.1)
      e2mmap
      redis (>= 3, < 5)
      rufus-scheduler (~> 3.2)
      sidekiq (>= 3)
      thwait
      tilt (>= 1.4.0)
    thwait (0.2.0)
      e2mmap
    tilt (2.0.10)
    tzinfo (2.0.2)
      concurrent-ruby (~> 1.0)

PLATFORMS
  ruby

DEPENDENCIES
  dotenv
  faraday
  redis
  sidekiq
  sidekiq-scheduler

BUNDLED WITH
   2.1.4
